GEM
  remote: https://rubygems.org/
  specs:
    byebug (9.0.4)
    coderay (1.1.1)
    logger (1.2.8)
    method_source (0.8.2)
    pry (0.10.3)
      coderay (~> 1.1.0)
      method_source (~> 0.8.1)
      slop (~> 3.4)
    pry-byebug (3.4.0)
      byebug (~> 9.0)
      pry (~> 0.10)
    pry-rails (0.3.4)
      pry (>= 0.9.10)
    require_all (1.3.3)
    slop (3.6.0)

PLATFORMS
  ruby

DEPENDENCIES
  byebug
  logger
  pry-byebug
  pry-rails
  require_all

BUNDLED WITH
   1.12.3
